PATH
  remote: .
  specs:
    palindrome_dvs (0.1.0)

GEM
  remote: https://rubygems.org/
  specs:
    minitest (5.15.0)
    rake (12.3.3)

PLATFORMS
  ruby

DEPENDENCIES
  minitest (~> 5.0)
  palindrome_dvs!
  rake (~> 12.0)

BUNDLED WITH
   2.1.4
